GEM
  remote: https://rubygems.org/
  specs:
    argon2id (0.8.0-x86_64-linux-gnu)
    base64 (0.2.0)
    bigdecimal (3.1.9)
    concurrent-ruby (1.3.5)
    dry-configurable (1.3.0)
      dry-core (~> 1.1)
      zeitwerk (~> 2.6)
    dry-core (1.1.0)
      concurrent-ruby (~> 1.0)
      logger
      zeitwerk (~> 2.6)
    dry-inflector (1.2.0)
    dry-initializer (3.2.0)
    dry-logic (1.6.0)
      bigdecimal
      concurrent-ruby (~> 1.0)
      dry-core (~> 1.1)
      zeitwerk (~> 2.6)
    dry-struct (1.8.0)
      dry-core (~> 1.1)
      dry-types (~> 1.8, >= 1.8.2)
      ice_nine (~> 0.11)
      zeitwerk (~> 2.6)
    dry-types (1.8.2)
      bigdecimal (~> 3.0)
      concurrent-ruby (~> 1.0)
      dry-core (~> 1.0)
      dry-inflector (~> 1.0)
      dry-logic (~> 1.4)
      zeitwerk (~> 2.6)
    highline (3.1.2)
      reline
    ice_nine (0.11.2)
    io-console (0.8.0)
    logger (1.7.0)
    nio4r (2.7.4)
    puma (6.6.0)
      nio4r (~> 2.0)
    rack (3.1.12)
    rack-contrib (2.5.0)
      rack (< 4)
    rackup (2.2.1)
      rack (>= 3)
    rake (13.1.0)
    reline (0.6.1)
      io-console (~> 0.5)
    rom (5.4.2)
      rom-changeset (~> 5.4)
      rom-core (~> 5.4)
      rom-repository (~> 5.4, >= 5.4.2)
    rom-changeset (5.4.0)
      dry-core (~> 1.0)
      rom-core (~> 5.4)
      transproc (~> 1.1)
    rom-core (5.4.0)
      concurrent-ruby (~> 1.1)
      dry-configurable (~> 1.0)
      dry-core (~> 1.0)
      dry-inflector (~> 1.0)
      dry-initializer (~> 3.2)
      dry-struct (~> 1.0)
      dry-types (~> 1.6)
      transproc (~> 1.1)
    rom-repository (5.4.2)
      dry-core (~> 1.0)
      dry-initializer (~> 3.2)
      rom-core (~> 5.4)
    rom-sql (3.7.0)
      dry-core (~> 1.1)
      dry-types (~> 1.8)
      rom (~> 5.4)
      sequel (>= 4.49)
    sequel (5.91.0)
      bigdecimal
    sqlite3 (2.6.0-x86_64-linux-gnu)
    transproc (1.1.1)
    zeitwerk (2.7.2)

PLATFORMS
  x86_64-linux

DEPENDENCIES
  argon2id (~> 0.8.0)
  base64 (~> 0.2.0)
  concurrent-ruby (~> 1.3.5)
  highline (~> 3.1.2)
  puma (~> 6.6.0)
  rack (~> 3.1.12)
  rack-contrib (~> 2.5.0)
  rackup (~> 2.2.1)
  rake (~> 13.1.0)
  rom-sql (~> 3.7.0)
  sqlite3 (~> 2.6.0)

RUBY VERSION
   ruby 3.3.7p123

BUNDLED WITH
   2.5.22
