GEM
  remote: https://rubygems.org/
  specs:
    nio4r (2.7.4)
    puma (6.6.0)
      nio4r (~> 2.0)
    rack (3.1.12)
    rackup (2.2.1)
      rack (>= 3)

PLATFORMS
  x86_64-linux

DEPENDENCIES
  puma (~> 6.6.0)
  rack (~> 3.1.12)
  rackup (~> 2.2.1)

RUBY VERSION
   ruby 3.3.7p123

BUNDLED WITH
   2.5.22
